GEM
  remote: http://rubygems.org/
  specs:
    sequel (3.34.1)
    sqlite3 (1.3.5)
    thor (0.14.6)

PLATFORMS
  ruby

DEPENDENCIES
  sequel
  sqlite3
  thor
